GEM
  remote: https://rubygems.org/
  specs:
    concurrent-ruby (1.1.4)
    curses (1.2.4)
    diff-lcs (1.3)
    parseconfig (1.0.8)
    rspec (3.6.0)
      rspec-core (~> 3.6.0)
      rspec-expectations (~> 3.6.0)
      rspec-mocks (~> 3.6.0)
    rspec-core (3.6.0)
      rspec-support (~> 3.6.0)
    rspec-expectations (3.6.0)
      diff-lcs (>= 1.2.0, < 2.0)
      rspec-support (~> 3.6.0)
    rspec-mocks (3.6.0)
      diff-lcs (>= 1.2.0, < 2.0)
      rspec-support (~> 3.6.0)
    rspec-support (3.6.0)
    ruby-terminfo (0.1.1)
    tzinfo (2.0.0)
      concurrent-ruby (~> 1.0)

PLATFORMS
  ruby

DEPENDENCIES
  curses
  parseconfig
  rspec
  ruby-terminfo
  tzinfo

BUNDLED WITH
   1.15.4
