GEM
  remote: https://rubygems.org/
  specs:
    curses (1.2.4)
    diff-lcs (1.3)
    rspec (3.6.0)
      rspec-core (~> 3.6.0)
      rspec-expectations (~> 3.6.0)
      rspec-mocks (~> 3.6.0)
    rspec-core (3.6.0)
      rspec-support (~> 3.6.0)
    rspec-expectations (3.6.0)
      diff-lcs (>= 1.2.0, < 2.0)
      rspec-support (~> 3.6.0)
    rspec-mocks (3.6.0)
      diff-lcs (>= 1.2.0, < 2.0)
      rspec-support (~> 3.6.0)
    rspec-support (3.6.0)
    ruby-terminfo (0.1.1)

PLATFORMS
  ruby

DEPENDENCIES
  curses
  rspec
  ruby-terminfo

BUNDLED WITH
   1.15.4
