GEM
  remote: https://rubygems.org/
  specs:
    concurrent-ruby (1.1.7)
    curses (1.3.2)
    diff-lcs (1.4.4)
    parseconfig (1.0.8)
    rspec (3.9.0)
      rspec-core (~> 3.9.0)
      rspec-expectations (~> 3.9.0)
      rspec-mocks (~> 3.9.0)
    rspec-core (3.9.2)
      rspec-support (~> 3.9.3)
    rspec-expectations (3.9.2)
      diff-lcs (>= 1.2.0, < 2.0)
      rspec-support (~> 3.9.0)
    rspec-mocks (3.9.1)
      diff-lcs (>= 1.2.0, < 2.0)
      rspec-support (~> 3.9.0)
    rspec-support (3.9.3)
    ruby-terminfo (0.1.1)
    tzinfo (2.0.2)
      concurrent-ruby (~> 1.0)

PLATFORMS
  ruby

DEPENDENCIES
  curses
  parseconfig
  rspec
  ruby-terminfo
  tzinfo

BUNDLED WITH
   2.1.4
